GIT
  remote: git://github.com/rapid7/metasploit_data_models.git
  revision: 448c1065329efea1eac76a3897f626f122666743
  tag: 0.4.0
  specs:
    metasploit_data_models (0.4.0)
      activerecord (>= 3.2.10)
      activesupport
      pg
      pry

GEM
  remote: http://rubygems.org/
  specs:
    activemodel (3.2.11)
      activesupport (= 3.2.11)
      builder (~> 3.0.0)
    activerecord (3.2.11)
      activemodel (= 3.2.11)
      activesupport (= 3.2.11)
      arel (~> 3.0.2)
      tzinfo (~> 0.3.29)
    activesupport (3.2.11)
      i18n (~> 0.6)
      multi_json (~> 1.0)
    arel (3.0.2)
    builder (3.0.4)
    coderay (1.0.8)
    diff-lcs (1.1.3)
    i18n (0.6.1)
    json (1.7.7)
    method_source (0.8.1)
    msgpack (0.5.2)
    multi_json (1.0.4)
    nokogiri (1.5.6)
    pcaprub (0.11.3)
    pg (0.14.1)
    pry (0.9.10)
      coderay (~> 1.0.5)
      method_source (~> 0.8)
      slop (~> 3.3.1)
    rake (10.0.2)
    redcarpet (2.2.2)
    robots (0.10.1)
    rspec (2.12.0)
      rspec-core (~> 2.12.0)
      rspec-expectations (~> 2.12.0)
      rspec-mocks (~> 2.12.0)
    rspec-core (2.12.1)
    rspec-expectations (2.12.0)
      diff-lcs (~> 1.1.3)
    rspec-mocks (2.12.0)
    simplecov (0.5.4)
      multi_json (~> 1.0.3)
      simplecov-html (~> 0.5.3)
    simplecov-html (0.5.3)
    slop (3.3.3)
    tzinfo (0.3.35)
    yard (0.8.3)

PLATFORMS
  ruby

DEPENDENCIES
  activerecord
  activesupport (>= 3.0.0)
  json
  metasploit_data_models!
  msgpack
  nokogiri
  pcaprub
  pg (>= 0.11)
  rake
  redcarpet
  robots
  rspec (>= 2.12)
  simplecov (= 0.5.4)
  yard
